GEM
  remote: http://rubygems.org/
  specs:
    addressable (2.5.0)
      public_suffix (~> 2.0, >= 2.0.2)
    anemone (0.7.2)
      nokogiri (>= 1.3.0)
      robotex (>= 1.0.0)
    colorator (1.1.0)
    commander (4.4.3)
      highline (~> 1.7.2)
    faraday (0.11.0)
      multipart-post (>= 1.2, < 3)
    ffi (1.9.17)
    forwardable-extended (2.6.0)
    haml (4.0.7)
      tilt
    highline (1.7.8)
    httpclient (2.8.3)
    jekyll (3.4.0)
      addressable (~> 2.4)
      colorator (~> 1.0)
      jekyll-sass-converter (~> 1.0)
      jekyll-watch (~> 1.1)
      kramdown (~> 1.3)
      liquid (~> 3.0)
      mercenary (~> 0.3.3)
      pathutil (~> 0.9)
      rouge (~> 1.7)
      safe_yaml (~> 1.0)
    jekyll-sass-converter (1.5.0)
      sass (~> 3.4)
    jekyll-watch (1.5.0)
      listen (~> 3.0, < 3.1)
    kramdown (1.13.2)
    liquid (3.0.6)
    listen (3.0.8)
      rb-fsevent (~> 0.9, >= 0.9.4)
      rb-inotify (~> 0.9, >= 0.9.7)
    mercenary (0.3.6)
    mini_portile2 (2.1.0)
    multipart-post (2.0.0)
    nokogiri (1.7.0.1)
      mini_portile2 (~> 2.1.0)
    pathutil (0.14.0)
      forwardable-extended (~> 2.6)
    percy-cli (1.2.7)
      commander (~> 4.3)
      percy-client (~> 1.4)
      thread (~> 0.2)
    percy-client (1.10.0)
      addressable
      faraday (>= 0.9)
      httpclient (>= 2.6)
    public_suffix (2.0.5)
    rake (12.0.0)
    rb-fsevent (0.9.8)
    rb-inotify (0.9.8)
      ffi (>= 0.5.0)
    robotex (1.0.0)
    rouge (1.11.1)
    safe_yaml (1.0.4)
    sass (3.4.23)
    thread (0.2.2)
    tilt (2.0.6)

PLATFORMS
  ruby

DEPENDENCIES
  anemone
  haml
  jekyll
  percy-cli
  rake
  rouge
  sass

BUNDLED WITH
   1.13.7
