GEM
  remote: http://rubygems.org/
  specs:
    anemone (0.6.1)
      nokogiri (>= 1.3.0)
      robots (>= 0.7.2)
    classifier (1.3.3)
      fast-stemmer (>= 1.0.0)
    directory_watcher (1.4.1)
    fast-stemmer (1.0.2)
    foreman (0.47.0)
      thor (>= 0.13.6)
    haml (3.1.4)
    jekyll (0.12.1)
      classifier (~> 1.3)
      directory_watcher (~> 1.1)
      kramdown (~> 0.14)
      liquid (~> 2.3)
      maruku (~> 0.5)
      pygments.rb (~> 0.3.2)
    kramdown (0.14.2)
    liquid (2.4.1)
    maruku (0.6.1)
      syntax (>= 1.0.0)
    nokogiri (1.5.0)
    posix-spawn (0.3.6)
    pygments.rb (0.3.7)
      posix-spawn (~> 0.3.6)
      yajl-ruby (~> 1.1.0)
    rake (0.9.2.2)
    redcarpet (2.2.2)
    robots (0.10.1)
    sass (3.1.18)
    syntax (1.0.0)
    thor (0.14.6)
    yajl-ruby (1.1.0)

PLATFORMS
  ruby

DEPENDENCIES
  anemone
  foreman
  haml
  jekyll
  rake
  redcarpet
  sass
